GEM
  remote: https://rubygems.org/

PLATFORMS
  x86-mingw

DEPENDENCIES
	sinatra